GEM
  remote: https://rubygems.org/
  specs:
    coderay (1.1.1)
    method_source (0.8.2)
    pry (0.10.4)
      coderay (~> 1.1.0)
      method_source (~> 0.8.1)
      slop (~> 3.4)
    ruby-stemmer (0.9.6)
    slop (3.6.0)
    stopwords-filter (0.4.1)

PLATFORMS
  ruby

DEPENDENCIES
  pry (~> 0.10.3)
  ruby-stemmer (~> 0.9.6)
  stopwords-filter

BUNDLED WITH
   1.14.6
